PATH
  remote: .
  specs:
    ruby-imagespec (0.4.2)

GEM
  remote: http://rubygems.org/
  specs:
    power_assert (0.2.3)
    rake (10.4.2)
    test-unit (3.1.2)
      power_assert

PLATFORMS
  ruby

DEPENDENCIES
  bundler
  rake
  ruby-imagespec!
  test-unit

BUNDLED WITH
   1.10.3
